GEM
  remote: https://rubygems.org/
  specs:
    activesupport (5.0.0.1)
      concurrent-ruby (~> 1.0, >= 1.0.2)
      i18n (~> 0.7)
      minitest (~> 5.1)
      tzinfo (~> 1.1)
    addressable (2.5.0)
      public_suffix (~> 2.0, >= 2.0.2)
    api-auth (2.0.1)
    binding_of_caller (0.7.2)
      debug_inspector (>= 0.0.1)
    blazing (0.5.0)
      grit
      logging
      thor
    coderay (1.1.1)
    concurrent-ruby (1.0.2)
    connection_pool (2.2.1)
    debug_inspector (0.0.2)
    diff-lcs (1.2.5)
    faraday (0.10.0)
      multipart-post (>= 1.2, < 3)
    grit (2.5.0)
      diff-lcs (~> 1.1)
      mime-types (~> 1.15)
      posix-spawn (~> 0.3.6)
    i18n (0.7.0)
    interception (0.5)
    little-plugger (1.1.4)
    logging (1.8.2)
      little-plugger (>= 1.1.3)
      multi_json (>= 1.8.4)
    method_source (0.8.2)
    mime-types (1.25.1)
    minitest (5.10.1)
    multi_json (1.12.1)
    multipart-post (2.0.0)
    net-ldap (0.15.0)
    posix-spawn (0.3.12)
    promise (0.3.1)
    pry (0.10.4)
      coderay (~> 1.1.0)
      method_source (~> 0.8.1)
      slop (~> 3.4)
    pry-rescue (1.4.4)
      interception (>= 0.5)
      pry
    pry-stack_explorer (0.4.9.2)
      binding_of_caller (>= 0.7)
      pry (>= 0.9.11)
    public_suffix (2.0.4)
    rack (1.6.5)
    rack-protection (1.5.3)
      rack
    rails_config (0.5.0.beta1)
      activesupport (>= 3.0)
    rake (12.0.0)
    redis (3.3.2)
    redis-namespace (1.5.2)
      redis (~> 3.0, >= 3.0.4)
    rspec (3.5.0)
      rspec-core (~> 3.5.0)
      rspec-expectations (~> 3.5.0)
      rspec-mocks (~> 3.5.0)
    rspec-core (3.5.4)
      rspec-support (~> 3.5.0)
    rspec-expectations (3.5.0)
      diff-lcs (>= 1.2.0, < 2.0)
      rspec-support (~> 3.5.0)
    rspec-mocks (3.5.0)
      diff-lcs (>= 1.2.0, < 2.0)
      rspec-support (~> 3.5.0)
    rspec-support (3.5.0)
    rufus-scheduler (3.3.1)
      tzinfo
    sentry-raven (2.2.0)
      faraday (>= 0.7.6, < 1.0)
    sidekiq (4.2.7)
      concurrent-ruby (~> 1.0)
      connection_pool (~> 2.2, >= 2.2.0)
      rack-protection (>= 1.5.0)
      redis (~> 3.2, >= 3.2.1)
    sidekiq-cron (0.4.5)
      redis-namespace (>= 1.5.2)
      rufus-scheduler (>= 2.0.24)
      sidekiq (>= 4.2.1)
    simple_oauth (0.3.1)
    slop (3.6.0)
    thor (0.19.4)
    thread_safe (0.3.5)
    trogdir_api_client (0.7.0)
      api-auth (>= 1.3)
      weary (~> 1.0)
    tzinfo (1.2.2)
      thread_safe (~> 0.1)
    weary (1.1.3)
      addressable (~> 2.3)
      multi_json (~> 1.7)
      promise (~> 0.3.0)
      rack (~> 1.5)
      simple_oauth (~> 0.2)

PLATFORMS
  ruby

DEPENDENCIES
  activesupport
  blazing
  logging (~> 1.8)
  net-ldap
  pry
  pry-rescue
  pry-stack_explorer
  rails_config (~> 0.5.0.beta1)
  rake
  rspec
  sentry-raven
  sidekiq
  sidekiq-cron
  trogdir_api_client

BUNDLED WITH
   1.12.5
